PATH
  remote: .
  specs:
    rulezilla (0.1.4)
      gherkin (~> 2.5)

GEM
  remote: https://rubygems.org/
  specs:
    coderay (1.1.0)
    diff-lcs (1.2.5)
    gherkin (2.12.2)
      multi_json (~> 1.3)
    method_source (0.8.2)
    multi_json (1.11.2)
    pry (0.10.3)
      coderay (~> 1.1.0)
      method_source (~> 0.8.1)
      slop (~> 3.4)
    rspec (3.4.0)
      rspec-core (~> 3.4.0)
      rspec-expectations (~> 3.4.0)
      rspec-mocks (~> 3.4.0)
    rspec-core (3.4.1)
      rspec-support (~> 3.4.0)
    rspec-expectations (3.4.0)
      diff-lcs (>= 1.2.0, < 2.0)
      rspec-support (~> 3.4.0)
    rspec-mocks (3.4.1)
      diff-lcs (>= 1.2.0, < 2.0)
      rspec-support (~> 3.4.0)
    rspec-support (3.4.1)
    slop (3.6.0)
    turnip (2.0.1)
      gherkin (>= 2.5)
      rspec (>= 3.0, < 4.0)

PLATFORMS
  ruby

DEPENDENCIES
  pry
  rspec
  rulezilla!
  turnip

BUNDLED WITH
   1.11.2
